GEM
  specs:
    benchmark (0.2.1)

PLATFORMS
  x86_64-linux

DEPENDENCIES
  benchmark

BUNDLED WITH
   2.4.16
